GEM
  remote: http://rubygems.org/
  specs:
    dotenv (2.1.0)
    puma (3.1.1)
    rack (1.6.4)
    rack-protection (1.5.3)
      rack
    sinatra (1.4.7)
      rack (~> 1.5)
      rack-protection (~> 1.4)
      tilt (>= 1.3, < 3)
    tilt (2.0.2)

PLATFORMS
  ruby

DEPENDENCIES
  dotenv
  puma
  sinatra

BUNDLED WITH
   1.11.2
